GEM
  remote: https://rubygems.org/
  specs:
    azure_key_vault (0.17.2)
      ms_rest_azure (~> 0.11.0)
    azure_mgmt_resources (0.17.3)
      ms_rest_azure (~> 0.11.0)
    byebug (11.0.1)
    coderay (1.1.2)
    concurrent-ruby (1.1.5)
    domain_name (0.5.20180417)
      unf (>= 0.0.5, < 1.0.0)
    faraday (0.15.4)
      multipart-post (>= 1.2, < 3)
    faraday-cookie_jar (0.0.6)
      faraday (>= 0.7.4)
      http-cookie (~> 1.0.0)
    http-cookie (1.0.3)
      domain_name (~> 0.5)
    method_source (0.9.2)
    ms_rest (0.7.3)
      concurrent-ruby (~> 1.0)
      faraday (~> 0.9)
      timeliness (~> 0.3)
    ms_rest_azure (0.11.0)
      concurrent-ruby (~> 1.0)
      faraday (~> 0.9)
      faraday-cookie_jar (~> 0.0.6)
      ms_rest (~> 0.7.2)
    multipart-post (2.0.0)
    pry (0.12.2)
      coderay (~> 1.1.0)
      method_source (~> 0.9.0)
    pry-byebug (3.7.0)
      byebug (~> 11.0)
      pry (~> 0.10)
    timeliness (0.4.0)
    unf (0.1.4)
      unf_ext
    unf_ext (0.0.7.5)

PLATFORMS
  ruby

DEPENDENCIES
  azure_key_vault
  azure_mgmt_resources
  pry-byebug

BUNDLED WITH
   1.16.4
